GEM
  remote: https://rubygems.org/
  specs:
    ruby_cowsay (0.1.2)

PLATFORMS
  ruby

DEPENDENCIES
  ruby_cowsay

BUNDLED WITH
   1.17.3
